GEM
  remote: http://rubygems.org/
  specs:
    clipper (2.9.0)
    diff-lcs (1.1.3)
    fastercsv (1.5.4)
    git (1.2.5)
    httparty (0.8.2)
      multi_json
      multi_xml
    jeweler (1.8.3)
      bundler (~> 1.0)
      git (>= 1.2.5)
      rake
      rdoc
    json (1.6.6)
    multi_json (1.2.0)
    multi_xml (0.4.2)
    nokogiri (1.5.2)
    rake (0.9.2.2)
    rdoc (3.12)
      json (~> 1.4)
    rspec (2.9.0)
      rspec-core (~> 2.9.0)
      rspec-expectations (~> 2.9.0)
      rspec-mocks (~> 2.9.0)
    rspec-core (2.9.0)
    rspec-expectations (2.9.1)
      diff-lcs (~> 1.1.3)
    rspec-mocks (2.9.0)

PLATFORMS
  ruby

DEPENDENCIES
  bundler
  clipper
  fastercsv
  httparty
  jeweler
  nokogiri
  rspec
